PATH
  remote: .
  specs:
    soupcms-cli (0.5.4)
      bson_ext (~> 1.10)
      cloudinary (~> 1.0)
      mongo (~> 1.10)
      thor (~> 0.19)

GEM
  remote: https://rubygems.org/
  specs:
    aws_cf_signer (0.1.3)
    bson (1.10.2)
    bson_ext (1.10.2)
      bson (~> 1.10.2)
    cloudinary (1.0.76)
      aws_cf_signer
      rest-client
    diff-lcs (1.2.5)
    mime-types (2.3)
    mongo (1.10.2)
      bson (= 1.10.2)
    netrc (0.7.7)
    rack (1.5.2)
    rack-test (0.6.2)
      rack (>= 1.0)
    rake (10.3.2)
    rest-client (1.7.2)
      mime-types (>= 1.16, < 3.0)
      netrc (~> 0.7)
    rspec (3.1.0)
      rspec-core (~> 3.1.0)
      rspec-expectations (~> 3.1.0)
      rspec-mocks (~> 3.1.0)
    rspec-core (3.1.2)
      rspec-support (~> 3.1.0)
    rspec-expectations (3.1.0)
      diff-lcs (>= 1.2.0, < 2.0)
      rspec-support (~> 3.1.0)
    rspec-mocks (3.1.0)
      rspec-support (~> 3.1.0)
    rspec-support (3.1.0)
    thor (0.19.1)

PLATFORMS
  ruby

DEPENDENCIES
  rack-test
  rake
  rspec
  soupcms-cli!
