PATH
  remote: .
  specs:
    soupcms-cli (0.5.0)

GEM
  remote: https://rubygems.org/
  specs:
    bson (1.9.2)
    bson_ext (1.9.2)
      bson (~> 1.9.2)
    mongo (1.9.2)
      bson (~> 1.9.2)
    thor (0.18.1)

PLATFORMS
  ruby

DEPENDENCIES
  bson_ext
  mongo
  soupcms-cli!
  thor
