PATH
  remote: .
  specs:
    soupcms-cli (0.5.4)
      bson_ext (~> 1.10)
      mongo (~> 1.10)
      thor (~> 0.19)

GEM
  remote: https://rubygems.org/
  specs:
    bson (1.10.2)
    bson_ext (1.10.2)
      bson (~> 1.10.2)
    diff-lcs (1.2.5)
    mongo (1.10.2)
      bson (= 1.10.2)
    rack (1.5.2)
    rack-test (0.6.2)
      rack (>= 1.0)
    rake (10.3.2)
    rspec (3.1.0)
      rspec-core (~> 3.1.0)
      rspec-expectations (~> 3.1.0)
      rspec-mocks (~> 3.1.0)
    rspec-core (3.1.2)
      rspec-support (~> 3.1.0)
    rspec-expectations (3.1.0)
      diff-lcs (>= 1.2.0, < 2.0)
      rspec-support (~> 3.1.0)
    rspec-mocks (3.1.0)
      rspec-support (~> 3.1.0)
    rspec-support (3.1.0)
    thor (0.19.1)

PLATFORMS
  ruby

DEPENDENCIES
  rack-test
  rake
  rspec
  soupcms-cli!
