PATH
  remote: .
  specs:
    soupcms-cli (0.5.0)
      bson_ext (~> 1.10)
      mongo (~> 1.10)
      thor (~> 0.19)

GEM
  remote: https://rubygems.org/
  specs:
    bson (1.10.0)
    bson_ext (1.10.0)
      bson (~> 1.10.0)
    diff-lcs (1.2.5)
    mongo (1.10.0)
      bson (~> 1.10.0)
    rack (1.5.2)
    rack-test (0.6.2)
      rack (>= 1.0)
    rake (10.2.2)
    rspec (3.0.0.beta2)
      rspec-core (= 3.0.0.beta2)
      rspec-expectations (= 3.0.0.beta2)
      rspec-mocks (= 3.0.0.beta2)
    rspec-core (3.0.0.beta2)
      rspec-support (= 3.0.0.beta2)
    rspec-expectations (3.0.0.beta2)
      diff-lcs (>= 1.2.0, < 2.0)
      rspec-support (= 3.0.0.beta2)
    rspec-mocks (3.0.0.beta2)
      rspec-support (= 3.0.0.beta2)
    rspec-support (3.0.0.beta2)
    thor (0.19.1)

PLATFORMS
  ruby

DEPENDENCIES
  rack-test
  rake
  rspec (~> 3.0.0.beta2)
  soupcms-cli!
