PATH
  remote: .
  specs:
    soupcms-cli (0.5.0)
      bson_ext (~> 1.9)
      mongo (~> 1.9)
      thor (~> 0.18)

GEM
  remote: https://rubygems.org/
  specs:
    bson (1.9.2)
    bson_ext (1.9.2)
      bson (~> 1.9.2)
    diff-lcs (1.2.5)
    mongo (1.9.2)
      bson (~> 1.9.2)
    rack (1.5.2)
    rack-test (0.6.2)
      rack (>= 1.0)
    rake (10.1.1)
    rspec (3.0.0.beta1)
      rspec-core (= 3.0.0.beta1)
      rspec-expectations (= 3.0.0.beta1)
      rspec-mocks (= 3.0.0.beta1)
    rspec-core (3.0.0.beta1)
    rspec-expectations (3.0.0.beta1)
      diff-lcs (>= 1.1.3, < 2.0)
      rspec-support (= 3.0.0.beta1)
    rspec-mocks (3.0.0.beta1)
    rspec-support (3.0.0.beta1)
    thor (0.18.1)

PLATFORMS
  ruby

DEPENDENCIES
  rack-test
  rake
  rspec (~> 3.0.0.beta1)
  soupcms-cli!
